PATH
  remote: .
  specs:
    agent_q (0.0.13)
      capybara (~> 3.31, >= 3.31)
      cuprite (~> 0.11, >= 0.11)
      nokogiri (~> 1.10, >= 1.10.8)

GEM
  remote: https://rubygems.org/
  specs:
    addressable (2.8.1)
      public_suffix (>= 2.0.2, < 6.0)
    capybara (3.38.0)
      addressable
      matrix
      mini_mime (>= 0.1.3)
      nokogiri (~> 1.8)
      rack (>= 1.6.0)
      rack-test (>= 0.6.3)
      regexp_parser (>= 1.5, < 3.0)
      xpath (~> 3.2)
    cliver (0.3.2)
    concurrent-ruby (1.1.9)
    cuprite (0.13)
      capybara (>= 2.1, < 4)
      ferrum (~> 0.11.0)
    ferrum (0.11)
      addressable (~> 2.5)
      cliver (~> 0.3)
      concurrent-ruby (~> 1.1)
      websocket-driver (>= 0.6, < 0.8)
    matrix (0.4.2)
    mini_mime (1.1.2)
    mini_portile2 (2.8.1)
    nokogiri (1.14.2)
      mini_portile2 (~> 2.8.0)
      racc (~> 1.4)
    public_suffix (5.0.1)
    racc (1.6.2)
    rack (3.0.7)
    rack-test (2.1.0)
      rack (>= 1.3)
    regexp_parser (2.7.0)
    websocket-driver (0.7.5)
      websocket-extensions (>= 0.1.0)
    websocket-extensions (0.1.5)
    xpath (3.2.0)
      nokogiri (~> 1.8)

PLATFORMS
  ruby

DEPENDENCIES
  agent_q!

BUNDLED WITH
   1.17.3
